GEM
  remote: https://rubygems.org/
  specs:
    byebug (10.0.2)
    clipboard (1.1.1)

PLATFORMS
  ruby

DEPENDENCIES
  byebug
  clipboard

BUNDLED WITH
   1.16.1
